GEM
  remote: https://rubygems.org/
  specs:
    facets (2.9.3)
    foreman (0.82.0)
      thor (~> 0.19.1)
    nio4r (2.5.2)
    puma (4.3.8)
      nio4r (~> 2.0)
    rack (1.6.13)
    rack-protection (1.5.3)
      rack
    rake (10.3.2)
    sinatra (1.4.5)
      rack (~> 1.4)
      rack-protection (~> 1.4)
      tilt (~> 1.3, >= 1.3.4)
    slim (2.0.3)
      temple (~> 0.6.6)
      tilt (>= 1.3.3, < 2.1)
    temple (0.6.8)
    thor (0.19.1)
    tilt (1.4.1)

PLATFORMS
  ruby

DEPENDENCIES
  facets
  foreman
  puma
  rake
  sinatra (~> 1.4)
  slim
  tilt (~> 1.3)

RUBY VERSION
   ruby 2.3.1p112

BUNDLED WITH
   1.12.5
